GEM
  remote: https://rubygems.org/
  specs:
    mitie (0.2.1)

PLATFORMS
  arm64-darwin-22

DEPENDENCIES
  mitie

BUNDLED WITH
   2.4.10
